GEM
  remote: http://rubygems.org/
  specs:
    SystemTimer (1.2.2)
    haml (3.0.25)
    rack (1.2.1)
    redis (2.1.1)
    sass (3.1.0.alpha.249)
    sinatra (1.2.0)
      rack (~> 1.1)
      tilt (>= 1.2.2, < 2.0)
    tilt (1.2.2)

PLATFORMS
  ruby

DEPENDENCIES
  SystemTimer
  haml
  redis
  sass
  sinatra
